GEM
  remote: https://rubygems.org/
  specs:
    aws-flow (3.1.0)
      aws-sdk-v1 (~> 1, >= 1.60.2)
      lru_redux (~> 0, >= 0.8.1)
    aws-sdk (2.6.19)
      aws-sdk-resources (= 2.6.19)
    aws-sdk-core (2.6.19)
      jmespath (~> 1.0)
    aws-sdk-resources (2.6.19)
      aws-sdk-core (= 2.6.19)
    aws-sdk-v1 (1.66.0)
      json (~> 1.4)
      nokogiri (>= 1.4.4)
    jmespath (1.3.1)
    json (1.8.3)
    lru_redux (0.8.4)
    mini_portile2 (2.1.0)
    nokogiri (1.6.8.1)
      mini_portile2 (~> 2.1.0)

PLATFORMS
  ruby

DEPENDENCIES
  aws-flow
  aws-sdk

BUNDLED WITH
   1.13.6
